PATH
  remote: .
  specs:
    meme_captain (0.1.1)
      bson_ext
      curb
      json
      mime-types
      mongo
      mongo_mapper
      rack
      rack-contrib
      rack-rewrite
      rmagick
      sinatra

GEM
  remote: http://rubygems.org/
  specs:
    activemodel (3.2.9)
      activesupport (= 3.2.9)
      builder (~> 3.0.0)
    activesupport (3.2.9)
      i18n (~> 0.6)
      multi_json (~> 1.0)
    addressable (2.3.2)
    bson (1.8.0)
      activesupport
    bson_ext (1.8.0)
      bson (~> 1.8.0)
    builder (3.0.4)
    crack (0.3.1)
    curb (0.8.3)
    diff-lcs (1.1.3)
    i18n (0.6.1)
    json (1.7.5)
    mime-types (1.19)
    mongo (1.8.0)
      bson (~> 1.8.0)
    mongo_mapper (0.12.0)
      activemodel (~> 3.0)
      activesupport (~> 3.0)
      plucky (~> 0.5.2)
    multi_json (1.3.7)
    plucky (0.5.2)
      mongo (~> 1.5)
    rack (1.4.1)
    rack-contrib (1.1.0)
      rack (>= 0.9.1)
    rack-protection (1.2.0)
      rack
    rack-rewrite (1.3.1)
    rmagick (2.13.1)
    rspec (2.12.0)
      rspec-core (~> 2.12.0)
      rspec-expectations (~> 2.12.0)
      rspec-mocks (~> 2.12.0)
    rspec-core (2.12.0)
    rspec-expectations (2.12.0)
      diff-lcs (~> 1.1.3)
    rspec-mocks (2.12.0)
    sinatra (1.3.3)
      rack (~> 1.3, >= 1.3.6)
      rack-protection (~> 1.2)
      tilt (~> 1.3, >= 1.3.3)
    tilt (1.3.3)
    webmock (1.9.0)
      addressable (>= 2.2.7)
      crack (>= 0.1.7)

PLATFORMS
  ruby

DEPENDENCIES
  meme_captain!
  rspec
  webmock
